GEM
  remote: https://rubygems.org/
  specs:
    coderay (1.1.3)
    equatable (0.6.1)
    json (2.3.1)
    method_source (1.0.0)
    necromancer (0.5.1)
    net-http (0.1.0)
    pastel (0.7.4)
      equatable (~> 0.6)
      tty-color (~> 0.5)
    pry (0.13.1)
      coderay (~> 1.1)
      method_source (~> 1.0)
    tty-color (0.6.0)
    tty-cursor (0.7.1)
    tty-prompt (0.21.0)
      necromancer (~> 0.5.0)
      pastel (~> 0.7.0)
      tty-reader (~> 0.7.0)
    tty-reader (0.7.0)
      tty-cursor (~> 0.7)
      tty-screen (~> 0.7)
      wisper (~> 2.0.0)
    tty-screen (0.8.1)
    wisper (2.0.1)

PLATFORMS
  ruby

DEPENDENCIES
  json
  net-http
  pry
  tty-prompt

BUNDLED WITH
   2.1.4
